GEM
  remote: https://rubygems.org/
  specs:
    rack (3.0.0)

PLATFORMS
  universal-darwin-22

DEPENDENCIES
  rack (~> 3.0)

BUNDLED WITH
   2.3.25
